GEM
  remote: https://rubygems.org/
  specs:
    ansi (1.4.3)
    builder (3.2.0)
    coderay (1.0.9)
    formatador (0.2.4)
    guard (1.7.0)
      formatador (>= 0.2.4)
      listen (>= 0.6.0)
      lumberjack (>= 1.0.2)
      pry (>= 0.9.10)
      thor (>= 0.14.6)
    guard-minitest (0.5.0)
      guard (>= 0.4)
    hashie (2.0.3)
    httparty (0.10.2)
      multi_json (~> 1.0)
      multi_xml (>= 0.5.2)
    listen (0.7.3)
    lumberjack (1.0.3)
    method_source (0.8.1)
    minitest (4.7.0)
    minitest-reporters (0.14.16)
      ansi
      builder
      minitest (>= 2.12, < 5.0)
      powerbar
    multi_json (1.7.2)
    multi_xml (0.5.3)
    powerbar (1.0.11)
      ansi (~> 1.4.0)
      hashie (>= 1.1.0)
    pry (0.9.12)
      coderay (~> 1.0.5)
      method_source (~> 0.8)
      slop (~> 3.4)
    rb-fsevent (0.9.3)
    slop (3.4.4)
    thor (0.18.1)

PLATFORMS
  ruby

DEPENDENCIES
  guard
  guard-minitest
  httparty
  minitest
  minitest-reporters
  rb-fsevent
