GEM
  remote: https://rubygems.org/
  specs:
    ansi (1.4.3)
    builder (3.2.0)
    hashie (2.0.3)
    httparty (0.10.2)
      multi_json (~> 1.0)
      multi_xml (>= 0.5.2)
    minitest (4.7.0)
    minitest-reporters (0.14.16)
      ansi
      builder
      minitest (>= 2.12, < 5.0)
      powerbar
    multi_json (1.7.2)
    multi_xml (0.5.3)
    powerbar (1.0.11)
      ansi (~> 1.4.0)
      hashie (>= 1.1.0)

PLATFORMS
  ruby

DEPENDENCIES
  httparty
  minitest
  minitest-reporters
